GEM
  specs:
    liquid (4.0.3)

PLATFORMS
  x64-mingw-ucrt

DEPENDENCIES
  liquid

RUBY VERSION
   ruby 3.1.2p20

BUNDLED WITH
   2.3.7
